GIT
  remote: git://github.com/mizzy/octokit.git
  revision: 33f8027313309c4a5bf80d332350825a272f5f26
  branch: add-publicize-membership
  specs:
    octokit (1.1.0)
      addressable (~> 2.2)
      faraday (~> 0.8)
      faraday_middleware (~> 0.8)
      hashie (~> 1.2)
      multi_json (~> 1.3)

GEM
  remote: http://rubygems.org/
  specs:
    addressable (2.2.8)
    faraday (0.8.0)
      multipart-post (~> 1.1)
    faraday_middleware (0.8.7)
      faraday (>= 0.7.4, < 0.9)
    hashie (1.2.0)
    multi_json (1.3.5)
    multipart-post (1.1.5)
    pit (0.0.6)
    thor (0.14.6)

PLATFORMS
  ruby

DEPENDENCIES
  octokit!
  pit
  thor
